PATH
  remote: .
  specs:
    g2-messaging (0.1.2)
      connection_pool (= 2.2.1)
      king_konf
      racecar (= 0.3.7)

GEM
  remote: https://rubygems.org/
  specs:
    connection_pool (2.2.1)
    diff-lcs (1.3)
    king_konf (0.1.10)
    racecar (0.3.7)
      king_konf (~> 0.1.9)
      ruby-kafka (~> 0.4)
    rake (10.5.0)
    rspec (3.7.0)
      rspec-core (~> 3.7.0)
      rspec-expectations (~> 3.7.0)
      rspec-mocks (~> 3.7.0)
    rspec-core (3.7.1)
      rspec-support (~> 3.7.0)
    rspec-expectations (3.7.0)
      diff-lcs (>= 1.2.0, < 2.0)
      rspec-support (~> 3.7.0)
    rspec-mocks (3.7.0)
      diff-lcs (>= 1.2.0, < 2.0)
      rspec-support (~> 3.7.0)
    rspec-support (3.7.1)
    ruby-kafka (0.5.3)

PLATFORMS
  ruby

DEPENDENCIES
  bundler (~> 1.16)
  g2-messaging!
  rake (~> 10.0)
  rspec (~> 3.7)

BUNDLED WITH
   1.16.1
